GEM
  remote: https://rubygems.org/
  specs:
    ast (2.0.0)
    parser (2.2.2.1)
      ast (>= 1.1, < 3.0)
    psych (2.0.13)
    seeing_is_believing (2.2.0)
      parser (>= 2.2, < 3.0)
      psych (~> 2.0)

PLATFORMS
  ruby

DEPENDENCIES
  seeing_is_believing
